GEM
  remote: https://rubygems.org/
  specs:
    faraday (0.12.0.1)
      multipart-post (>= 1.2, < 3)
    minitest (5.10.1)
    multipart-post (2.0.0)

PLATFORMS
  ruby

DEPENDENCIES
  bundler (~> 1.14, >= 1.14.0)
  faraday (~> 0.12.0.1)
  minitest (~> 5.10, >= 5.10.1)

BUNDLED WITH
   1.14.0
